GIT
  remote: git://github.com/romanbsd/rb-gsl.git
  revision: fd601dfcd0b05319fa8f66f1e73cd711d5ba9ed9
  specs:
    gsl (1.14.7)
      narray (>= 0.5.9)

GEM
  remote: http://rubygems.org/
  specs:
    RedCloth (4.2.9)
    albino (1.3.3)
      posix-spawn (>= 0.3.6)
    classifier (1.3.3)
      fast-stemmer (>= 1.0.0)
    directory_watcher (1.4.1)
    fast-stemmer (1.0.1)
    jekyll (0.11.2)
      albino (~> 1.3)
      classifier (~> 1.3)
      directory_watcher (~> 1.1)
      kramdown (~> 0.13)
      liquid (~> 2.3)
      maruku (~> 0.5)
    kramdown (0.14.0)
    liquid (2.4.1)
    maruku (0.6.1)
      syntax (>= 1.0.0)
    narray (0.6.0.1)
    posix-spawn (0.3.6)
    rdiscount (1.6.8)
    syntax (1.0.0)

PLATFORMS
  ruby

DEPENDENCIES
  RedCloth
  gsl!
  jekyll
  rdiscount
